GEM
  remote: https://rubygems.org/
  specs:
    activemodel (3.2.22)
      activesupport (= 3.2.22)
      builder (~> 3.0.0)
    activerecord (3.2.22)
      activemodel (= 3.2.22)
      activesupport (= 3.2.22)
      arel (~> 3.0.2)
      tzinfo (~> 0.3.29)
    activesupport (3.2.22)
      i18n (~> 0.6, >= 0.6.4)
      multi_json (~> 1.0)
    arel (3.0.3)
    builder (3.0.4)
    dbf (3.0.3)
    fias (1.0.1)
      activesupport (> 3)
      dbf
      httparty
      pg
      pg_data_encoder
      ruby-progressbar
      sequel
      unicode
    httparty (0.13.7)
      json (~> 1.8)
      multi_xml (>= 0.5.2)
    i18n (0.7.0)
    json (1.8.3)
    multi_json (1.11.2)
    multi_xml (0.5.5)
    pg (0.18.4)
    pg_data_encoder (0.1.8)
    rack (1.6.4)
    rack-protection (1.5.3)
      rack
    rake (10.4.2)
    ruby-progressbar (1.7.5)
    sequel (4.29.0)
    sinatra (1.4.6)
      rack (~> 1.4)
      rack-protection (~> 1.4)
      tilt (>= 1.3, < 3)
    tilt (2.0.1)
    tzinfo (0.3.46)
    unicode (0.4.4.2)

PLATFORMS
  ruby

DEPENDENCIES
  activerecord (~> 3.0)
  fias
  rake (~> 10.4, >= 10.4.2)
  sinatra

BUNDLED WITH
   1.10.6
